GEM
  remote: https://rubygems.org/
  remote: https://rails-assets.org/
  specs:
    actioncable (6.0.1.rc1)
      actionpack (= 6.0.1.rc1)
      nio4r (~> 2.0)
      websocket-driver (>= 0.6.1)
    actionmailbox (6.0.1.rc1)
      actionpack (= 6.0.1.rc1)
      activejob (= 6.0.1.rc1)
      activerecord (= 6.0.1.rc1)
      activestorage (= 6.0.1.rc1)
      activesupport (= 6.0.1.rc1)
      mail (>= 2.7.1)
    actionmailer (6.0.1.rc1)
      actionpack (= 6.0.1.rc1)
      actionview (= 6.0.1.rc1)
      activejob (= 6.0.1.rc1)
      mail (~> 2.5, >= 2.5.4)
      rails-dom-testing (~> 2.0)
    actionpack (6.0.1.rc1)
      actionview (= 6.0.1.rc1)
      activesupport (= 6.0.1.rc1)
      rack (~> 2.0)
      rack-test (>= 0.6.3)
      rails-dom-testing (~> 2.0)
      rails-html-sanitizer (~> 1.0, >= 1.2.0)
    actiontext (6.0.1.rc1)
      actionpack (= 6.0.1.rc1)
      activerecord (= 6.0.1.rc1)
      activestorage (= 6.0.1.rc1)
      activesupport (= 6.0.1.rc1)
      nokogiri (>= 1.8.5)
    actionview (6.0.1.rc1)
      activesupport (= 6.0.1.rc1)
      builder (~> 3.1)
      erubi (~> 1.4)
      rails-dom-testing (~> 2.0)
      rails-html-sanitizer (~> 1.1, >= 1.2.0)
    activejob (6.0.1.rc1)
      activesupport (= 6.0.1.rc1)
      globalid (>= 0.3.6)
    activemodel (6.0.1.rc1)
      activesupport (= 6.0.1.rc1)
    activerecord (6.0.1.rc1)
      activemodel (= 6.0.1.rc1)
      activesupport (= 6.0.1.rc1)
    activestorage (6.0.1.rc1)
      actionpack (= 6.0.1.rc1)
      activejob (= 6.0.1.rc1)
      activerecord (= 6.0.1.rc1)
      marcel (~> 0.3.1)
    activesupport (6.0.1.rc1)
      concurrent-ruby (~> 1.0, >= 1.0.2)
      i18n (>= 0.7, < 2)
      minitest (~> 5.1)
      tzinfo (~> 1.1)
      zeitwerk (~> 2.2)
    addressable (2.7.0)
      public_suffix (>= 2.0.2, < 5.0)
    annotate (2.6.5)
      activerecord (>= 2.3.0)
      rake (>= 0.8.7)
    autoprefixer-rails (9.7.1)
      execjs
    bcrypt (3.1.13)
    bindex (0.8.1)
    bootsnap (1.4.5)
      msgpack (~> 1.0)
    bootstrap-generators (3.3.4)
      railties (>= 3.1.0)
    bootstrap-modal-rails (2.2.5)
      railties (>= 3.1)
    bootstrap-sass (3.4.1)
      autoprefixer-rails (>= 5.2.1)
      sassc (>= 2.0.0)
    bower-rails (0.12.0)
    builder (3.2.3)
    byebug (11.0.1)
    capybara (3.29.0)
      addressable
      mini_mime (>= 0.1.3)
      nokogiri (~> 1.8)
      rack (>= 1.6.0)
      rack-test (>= 0.6.3)
      regexp_parser (~> 1.5)
      xpath (~> 3.2)
    childprocess (3.0.0)
    cocoon (1.2.14)
    commonjs (0.2.7)
    concurrent-ruby (1.1.5)
    crass (1.0.5)
    devise (4.7.1)
      bcrypt (~> 3.0)
      orm_adapter (~> 0.1)
      railties (>= 4.1.0)
      responders
      warden (~> 1.2.3)
    devise-bootstrap-views (1.1.0)
    devise-i18n (1.8.2)
      devise (>= 4.6)
    erubi (1.9.0)
    execjs (2.7.0)
    ffi (1.11.1)
    globalid (0.4.2)
      activesupport (>= 4.2.0)
    i18n (1.7.0)
      concurrent-ruby (~> 1.0)
    jbuilder (2.9.1)
      activesupport (>= 4.2.0)
    jquery-ui-rails (6.0.1)
      railties (>= 3.2.16)
    less (2.6.0)
      commonjs (~> 0.2.7)
    less-rails (4.0.0)
      actionpack (>= 4)
      less (~> 2.6.0)
      sprockets (>= 2)
    libv8 (3.16.14.19)
    listen (3.1.5)
      rb-fsevent (~> 0.9, >= 0.9.4)
      rb-inotify (~> 0.9, >= 0.9.7)
      ruby_dep (~> 1.2)
    loofah (2.3.1)
      crass (~> 1.0.2)
      nokogiri (>= 1.5.9)
    mail (2.7.1)
      mini_mime (>= 0.1.1)
    marcel (0.3.3)
      mimemagic (~> 0.3.2)
    method_source (0.9.2)
    mimemagic (0.3.3)
    mini_mime (1.0.2)
    mini_portile2 (2.4.0)
    minitest (5.13.0)
    msgpack (1.3.1)
    nio4r (2.5.2)
    nokogiri (1.10.5)
      mini_portile2 (~> 2.4.0)
    orm_adapter (0.5.0)
    pg (1.1.4)
    public_suffix (4.0.1)
    puma (3.12.1)
    rack (2.0.7)
    rack-proxy (0.6.5)
      rack
    rack-test (1.1.0)
      rack (>= 1.0, < 3)
    rails (6.0.1.rc1)
      actioncable (= 6.0.1.rc1)
      actionmailbox (= 6.0.1.rc1)
      actionmailer (= 6.0.1.rc1)
      actionpack (= 6.0.1.rc1)
      actiontext (= 6.0.1.rc1)
      actionview (= 6.0.1.rc1)
      activejob (= 6.0.1.rc1)
      activemodel (= 6.0.1.rc1)
      activerecord (= 6.0.1.rc1)
      activestorage (= 6.0.1.rc1)
      activesupport (= 6.0.1.rc1)
      bundler (>= 1.3.0)
      railties (= 6.0.1.rc1)
      sprockets-rails (>= 2.0.0)
    rails-assets-bootstrap (4.3.1)
    rails-assets-chosen (1.4.2)
      rails-assets-jquery (>= 1.4.4)
    rails-assets-chosen-bootstrap (1.1.0)
      rails-assets-bootstrap (>= 3.0.0)
      rails-assets-chosen (~> 1.4.0)
    rails-assets-jquery (3.4.1)
    rails-dom-testing (2.0.3)
      activesupport (>= 4.2.0)
      nokogiri (>= 1.6)
    rails-html-sanitizer (1.3.0)
      loofah (~> 2.3)
    rails-jquery-autocomplete (1.0.5)
      rails (>= 3.2)
    railties (6.0.1.rc1)
      actionpack (= 6.0.1.rc1)
      activesupport (= 6.0.1.rc1)
      method_source
      rake (>= 0.8.7)
      thor (>= 0.20.3, < 2.0)
    rake (13.0.0)
    rb-fsevent (0.10.3)
    rb-inotify (0.10.0)
      ffi (~> 1.0)
    ref (2.0.0)
    regexp_parser (1.6.0)
    responders (3.0.0)
      actionpack (>= 5.0)
      railties (>= 5.0)
    ruby_dep (1.5.0)
    rubyzip (2.0.0)
    sass (3.7.4)
      sass-listen (~> 4.0.0)
    sass-listen (4.0.0)
      rb-fsevent (~> 0.9, >= 0.9.4)
      rb-inotify (~> 0.9, >= 0.9.7)
    sass-rails (5.1.0)
      railties (>= 5.2.0)
      sass (~> 3.1)
      sprockets (>= 2.8, < 4.0)
      sprockets-rails (>= 2.0, < 4.0)
      tilt (>= 1.1, < 3)
    sassc (2.2.1)
      ffi (~> 1.9)
    select2-rails (4.0.3)
      thor (~> 0.14)
    selenium-webdriver (3.142.6)
      childprocess (>= 0.5, < 4.0)
      rubyzip (>= 1.2.2)
    spring (2.1.0)
    spring-watcher-listen (2.0.1)
      listen (>= 2.7, < 4.0)
      spring (>= 1.2, < 3.0)
    sprockets (3.7.2)
      concurrent-ruby (~> 1.0)
      rack (> 1, < 3)
    sprockets-rails (3.2.1)
      actionpack (>= 4.0)
      activesupport (>= 4.0)
      sprockets (>= 3.0.0)
    therubyracer (0.12.3)
      libv8 (~> 3.16.14.15)
      ref
    thor (0.20.3)
    thread_safe (0.3.6)
    tilt (2.0.10)
    turbolinks (5.2.1)
      turbolinks-source (~> 5.2)
    turbolinks-source (5.2.0)
    twitter-bootstrap-rails (3.2.2)
      actionpack (>= 3.1)
      execjs (>= 2.2.2, >= 2.2)
      less-rails (>= 2.5.0)
      railties (>= 3.1)
    tzinfo (1.2.5)
      thread_safe (~> 0.1)
    warden (1.2.8)
      rack (>= 2.0.6)
    web-console (4.0.1)
      actionview (>= 6.0.0)
      activemodel (>= 6.0.0)
      bindex (>= 0.4.0)
      railties (>= 6.0.0)
    webdrivers (4.1.3)
      nokogiri (~> 1.6)
      rubyzip (>= 1.3.0)
      selenium-webdriver (>= 3.0, < 4.0)
    webpacker (4.0.7)
      activesupport (>= 4.2)
      rack-proxy (>= 0.6.1)
      railties (>= 4.2)
    websocket-driver (0.7.1)
      websocket-extensions (>= 0.1.0)
    websocket-extensions (0.1.4)
    xpath (3.2.0)
      nokogiri (~> 1.8)
    zeitwerk (2.2.1)

PLATFORMS
  ruby

DEPENDENCIES
  annotate
  bootsnap (>= 1.4.2)
  bootstrap-generators (~> 3.3, >= 3.3.4)
  bootstrap-modal-rails
  bootstrap-sass (~> 3.4, >= 3.4.1)
  bower-rails
  byebug
  capybara (>= 2.15)
  cocoon
  devise (~> 4.7, >= 4.7.1)
  devise-bootstrap-views (~> 1.1)
  devise-i18n (~> 1.8, >= 1.8.2)
  i18n (~> 1.6)
  jbuilder (~> 2.7)
  jquery-ui-rails
  less-rails
  listen (>= 3.0.5, < 3.2)
  pg (>= 0.18, < 2.0)
  puma (~> 3.11)
  rails (~> 6.0.0.rc2)
  rails-assets-chosen!
  rails-assets-chosen-bootstrap!
  rails-jquery-autocomplete
  sass-rails (~> 5)
  select2-rails
  selenium-webdriver
  spring
  spring-watcher-listen (~> 2.0.0)
  therubyracer
  turbolinks (~> 5)
  twitter-bootstrap-rails
  tzinfo-data
  web-console (>= 3.3.0)
  webdrivers
  webpacker (~> 4.0)

RUBY VERSION
   ruby 2.6.3p62

BUNDLED WITH
   2.0.2
